PATH
  remote: .
  specs:
    vpm (0.0.1)

GEM
  remote: http://rubygems.org/
  specs:
    ansi (1.4.1)
    rake (0.9.2.2)
    turn (0.8.3)
      ansi

PLATFORMS
  ruby

DEPENDENCIES
  rake
  turn
  vpm!
